PATH
  remote: ~/project/oss/ruby/chingu
  specs:
    chingu (0.10)
      gosu (>= 0.9.2)

GEM
  remote: https://rubygems.org/
  specs:
    coderay (1.1.0)
    gosu (0.9.2)
    method_source (0.8.2)
    mini_portile (0.6.2)
    nokogiri (1.6.6.2)
      mini_portile (~> 0.6.0)
    pry (0.10.1)
      coderay (~> 1.1.0)
      method_source (~> 0.8.1)
      slop (~> 3.4)
    slop (3.6.0)

PLATFORMS
  ruby

DEPENDENCIES
  chingu!
  gosu (= 0.9.2)
  nokogiri
  pry

BUNDLED WITH
   1.10.6
